{
    "TaskName": "stim",
    "TaskDescription": "Baseline and direct electrical stimulation recording with a high channel count micro stereo-electrode (SEEG). This fixture retains the first 1.0 s of run-08, anti-alias downsampled from 30000 Hz to 1000 Hz.",
    "InstitutionName": "Massachusetts General Hospital / UC San Diego",
    "Manufacturer": "IEBL_UCSD",
    "ManufacturersModelName": "micro stereo-electrode (PEDOT:PSS)",
    "iEEGReference": "scalp",
    "iEEGGround": "n/a",
    "iEEGPlacementScheme": "depth (stereo-electrode)",
    "ECOGChannelCount": 0,
    "SEEGChannelCount": 64,
    "EEGChannelCount": 0,
    "EOGChannelCount": 0,
    "ECGChannelCount": 0,
    "EMGChannelCount": 0,
    "MiscChannelCount": 0,
    "TriggerChannelCount": 0,
    "PowerLineFrequency": 60,
    "SoftwareFilters": "n/a",
    "RecordingDuration": 1.0,
    "RecordingType": "continuous",
    "SamplingFrequency": 1000,
    "ElectricalStimulation": true,
    "ElectricalStimulationParameters": "Direct electrical stimulation; see _events.tsv stimulus columns (amplitude_mA, frequency, pulse/stimulus durations).",
    "Notes": "Original sampling_frequency was 30000 Hz; anti-alias decimated to 1000 Hz (scipy.signal.decimate, FIR, zero-phase) for the emgio test fixture. Original recording duration was 19 s; only the first 1.0 s is retained."
}
